PATH
  remote: .
  specs:
    sunat_books (0.0.1)
      activesupport (> 4.1)
      i18n (~> 0.7)
      prawn (~> 2.0)
      prawn-table (~> 0.2)

GEM
  remote: https://rubygems.org/
  specs:
    Ascii85 (1.0.2)
    activesupport (5.0.2)
      concurrent-ruby (~> 1.0, >= 1.0.2)
      i18n (~> 0.7)
      minitest (~> 5.1)
      tzinfo (~> 1.1)
    afm (0.2.2)
    ast (2.3.0)
    clap (1.0.0)
    coderay (1.1.1)
    concurrent-ruby (1.0.5)
    cutest (1.2.3)
      clap
    faker (1.7.3)
      i18n (~> 0.5)
    hashery (2.1.2)
    i18n (0.8.1)
    method_source (0.8.2)
    minitest (5.10.1)
    parser (2.3.3.1)
      ast (~> 2.2)
    pdf-core (0.7.0)
    pdf-inspector (1.2.1)
      pdf-reader (~> 1.0)
    pdf-reader (1.4.1)
      Ascii85 (~> 1.0.0)
      afm (~> 0.2.1)
      hashery (~> 2.0)
      ruby-rc4
      ttfunk
    powerpack (0.1.1)
    prawn (2.2.2)
      pdf-core (~> 0.7.0)
      ttfunk (~> 1.5)
    prawn-table (0.2.2)
      prawn (>= 1.3.0, < 3.0.0)
    pry (0.10.4)
      coderay (~> 1.1.0)
      method_source (~> 0.8.1)
      slop (~> 3.4)
    rainbow (2.2.1)
    rubocop (0.47.1)
      parser (>= 2.3.3.1, < 3.0)
      powerpack (~> 0.1)
      rainbow (>= 1.99.1, < 3.0)
      ruby-progressbar (~> 1.7)
      unicode-display_width (~> 1.0, >= 1.0.1)
    ruby-progressbar (1.8.1)
    ruby-rc4 (0.1.5)
    slop (3.6.0)
    thread_safe (0.3.6)
    ttfunk (1.5.0)
    tzinfo (1.2.2)
      thread_safe (~> 0.1)
    unicode-display_width (1.1.3)

PLATFORMS
  ruby

DEPENDENCIES
  cutest (~> 1.2)
  faker (~> 1.7)
  pdf-inspector (~> 1.2.0)
  pry (~> 0.10)
  rubocop (~> 0.47)
  sunat_books!

RUBY VERSION
   ruby 2.3.1p112

BUNDLED WITH
   1.12.5
