PATH
  remote: .
  specs:
    sunat_books (0.0.1)
      activesupport
      i18n
      prawn

GEM
  remote: https://rubygems.org/
  specs:
    activesupport (5.0.0.1)
      concurrent-ruby (~> 1.0, >= 1.0.2)
      i18n (~> 0.7)
      minitest (~> 5.1)
      tzinfo (~> 1.1)
    concurrent-ruby (1.0.2)
    i18n (0.7.0)
    minitest (5.9.0)
    pdf-core (0.6.1)
    prawn (2.1.0)
      pdf-core (~> 0.6.1)
      ttfunk (~> 1.4.0)
    thread_safe (0.3.5)
    ttfunk (1.4.0)
    tzinfo (1.2.2)
      thread_safe (~> 0.1)

PLATFORMS
  ruby

DEPENDENCIES
  sunat_books!

BUNDLED WITH
   1.12.5
